GEM
  remote: http://rubygems.org/
  specs:
    activemodel (3.2.13)
      activesupport (= 3.2.13)
      builder (~> 3.0.0)
    activesupport (3.2.13)
      i18n (= 0.6.1)
      multi_json (~> 1.0)
    addressable (2.2.7)
    builder (3.0.4)
    crack (0.1.8)
    daemons (1.1.3)
    eventmachine (0.12.10)
    faraday (0.7.6)
      addressable (~> 2.2)
      multipart-post (~> 1.1)
      rack (~> 1.1)
    httparty (0.7.8)
      crack (= 0.1.8)
    i18n (0.6.1)
    json (1.5.5)
    koala (1.3.0)
      faraday (~> 0.7.0)
      multi_json (~> 1.0)
    mongoid (3.0.23)
      activemodel (~> 3.1)
      moped (~> 1.2)
      origin (~> 1.0)
      tzinfo (~> 0.3.22)
    moped (1.5.0)
    multi_json (1.0.3)
    multipart-post (1.1.5)
    origin (1.1.0)
    rack (1.3.10)
    sinatra (1.2.6)
      rack (~> 1.1)
      tilt (>= 1.2.2, < 2.0)
    sinatra-backbone (0.1.1)
      sinatra
    thin (1.2.11)
      daemons (>= 1.0.9)
      eventmachine (>= 0.12.6)
      rack (>= 1.0.0)
    tilt (1.3.3)
    tzinfo (0.3.37)

PLATFORMS
  ruby

DEPENDENCIES
  httparty
  json (= 1.5.5)
  koala
  mongoid (~> 3.0.0)
  rack (= 1.3.10)
  sinatra
  sinatra-backbone
  thin
